GEM
  specs:
    nio4r (2.5.8)
    puma (5.6.4)
      nio4r (~> 2.0)
    rack (2.2.8)

PLATFORMS
  x86_64-darwin-20

DEPENDENCIES
  puma (~> 5.6)
  rack (~> 2.2)

BUNDLED WITH
   2.4.22
