GEM
  specs:
    coderay (1.1.3)
    method_source (1.0.0)
    nio4r (2.5.8)
    pry (0.14.1)
      coderay (~> 1.1)
      method_source (~> 1.0)
    puma (5.6.4)
      nio4r (~> 2.0)
    rack (2.2.8)

PLATFORMS
  x86_64-darwin-20

DEPENDENCIES
  pry
  puma (~> 5.6)
  rack (~> 2.2)

BUNDLED WITH
   2.4.22
