GEM
  specs:
    coderay (1.1.3)
    method_source (1.0.0)
    nio4r (2.7.0)
    pry (0.14.2)
      coderay (~> 1.1)
      method_source (~> 1.0)
    puma (5.6.7)
      nio4r (~> 2.0)
    rack (2.2.8)
    resolv (0.2.1)

PLATFORMS
  x86_64-darwin-20

DEPENDENCIES
  pry
  puma (~> 5.6)
  rack (~> 2.2)
  resolv

BUNDLED WITH
   2.4.22
